GIT
  remote: git://github.com/ruby-amqp/evented-spec.git
  revision: 2ac2d2a3fb32836c1b8631846d24e0b6d82f4aef
  specs:
    evented-spec (0.10.0.pre)

GEM
  remote: http://rubygems.org/
  specs:
    addressable (2.2.6)
    archive-tar-minitar (0.5.2)
    bouncy-castle-java (1.5.0146.1)
    erubis (2.7.0)
    faraday (0.7.4)
      addressable (~> 2.2.6)
      multipart-post (~> 1.1.0)
      rack (>= 1.1.0, < 2)
    ffi (1.0.9)
    ffi (1.0.9-java)
    god (0.11.0)
    hashr (0.0.15)
    hot_bunnies (1.1.3-java)
    i18n (0.5.0)
    jruby-openssl (0.7.4)
      bouncy-castle-java
    json (1.5.4)
    json (1.5.4-java)
    mario (0.0.6)
    metaclass (0.0.1)
    minitest (2.6.1)
    minitest_tu_shim (1.3.2)
      minitest (>= 1.6.0)
    mocha (0.10.0)
      metaclass (~> 0.0.1)
    multi_json (1.0.3)
    multipart-post (1.1.3)
    net-scp (1.0.4)
      net-ssh (>= 1.99.1)
    net-ssh (2.1.4)
    rack (1.3.3)
    rake (0.9.2)
    rdiscount (1.6.8)
    test_declarative (0.0.5)
    thor (0.14.6)
    vagrant (0.7.8)
      archive-tar-minitar (= 0.5.2)
      erubis (~> 2.7.0)
      i18n (~> 0.5.0)
      json (~> 1.5.1)
      mario (~> 0.0.6)
      net-scp (~> 1.0.4)
      net-ssh (~> 2.1.4)
      thor (~> 0.14.6)
      virtualbox (~> 0.8.3)
    virtualbox (0.8.6)
      ffi (~> 1.0)
    yard (0.7.2)

PLATFORMS
  java
  ruby

DEPENDENCIES
  evented-spec!
  faraday (~> 0.7.3)
  god
  hashr (~> 0.0.13)
  hot_bunnies
  jruby-openssl
  json
  minitest
  minitest_tu_shim
  mocha
  multi_json
  rake (~> 0.9.2)
  rdiscount
  test_declarative
  thor
  vagrant (~> 0.7.0)
  yard (~> 0.7.1)
