GIT
  remote: git://github.com/travis-ci/travis-build.git
  revision: f1aeb72a8c4682e8892784c0fd71fbabe1c1c463
  specs:
    travis-build (0.2.0)

GEM
  remote: http://rubygems.org/
  specs:
    activesupport (3.1.1)
      multi_json (~> 1.0)
    addressable (2.2.6)
    archive-tar-minitar (0.5.2)
    bouncy-castle-java (1.5.0146.1)
    diff-lcs (1.1.3)
    erubis (2.7.0)
    faraday (0.7.5)
      addressable (~> 2.2.6)
      multipart-post (~> 1.1.3)
      rack (>= 1.1.0, < 2)
    ffi (1.0.9)
    ffi (1.0.9-java)
    god (0.11.0)
    hashr (0.0.16)
    hot_bunnies (1.2.0-java)
    i18n (0.6.0)
    jruby-openssl (0.7.4)
      bouncy-castle-java
    json (1.5.4)
    json (1.5.4-java)
    metaclass (0.0.1)
    minitest (2.6.1)
    minitest_tu_shim (1.3.2)
      minitest (>= 1.6.0)
    mocha (0.10.0)
      metaclass (~> 0.0.1)
    multi_json (1.0.3)
    multipart-post (1.1.3)
    net-scp (1.0.4)
      net-ssh (>= 1.99.1)
    net-ssh (2.1.4)
    net-ssh-shell (0.2.0)
      net-ssh (~> 2.1.0)
    rack (1.3.4)
    rake (0.9.2)
    rdiscount (1.6.8)
    rspec (2.6.0)
      rspec-core (~> 2.6.0)
      rspec-expectations (~> 2.6.0)
      rspec-mocks (~> 2.6.0)
    rspec-core (2.6.4)
    rspec-expectations (2.6.0)
      diff-lcs (~> 1.1.2)
    rspec-mocks (2.6.0)
    simple_states (0.0.9)
      activesupport
      hashr (~> 0.0.10)
    simplecov (0.5.3)
      multi_json (~> 1.0.3)
      simplecov-html (~> 0.5.3)
    simplecov-html (0.5.3)
    thor (0.14.6)
    vagrant (0.8.7)
      archive-tar-minitar (= 0.5.2)
      erubis (~> 2.7.0)
      i18n (~> 0.6.0)
      json (~> 1.5.1)
      net-scp (~> 1.0.4)
      net-ssh (~> 2.1.4)
      thor (~> 0.14.6)
      virtualbox (~> 0.9.1)
    virtualbox (0.9.2)
      ffi (~> 1.0.9)
    yard (0.7.2)

PLATFORMS
  java
  ruby

DEPENDENCIES
  faraday
  god
  hashr (~> 0.0.13)
  hot_bunnies (>= 1.2.0)
  jruby-openssl
  json
  minitest
  minitest_tu_shim
  mocha
  multi_json
  net-ssh-shell (~> 0.2.0)
  rake (~> 0.9.2)
  rdiscount
  rspec
  simple_states
  simplecov (>= 0.4.0)
  thor
  travis-build!
  vagrant (~> 0.8.0)
  yard (~> 0.7.1)
