GIT
  remote: git://github.com/travis-ci/travis-build.git
  revision: a2489c7257c22928edb63f4354f90c6f872cbeab
  specs:
    travis-build (0.2.0)

GEM
  remote: http://rubygems.org/
  specs:
    activesupport (3.1.2)
      multi_json (~> 1.0)
    addressable (2.2.6)
    archive-tar-minitar (0.5.2)
    bouncy-castle-java (1.5.0146.1)
    diff-lcs (1.1.3)
    erubis (2.7.0)
    faraday (0.7.5)
      addressable (~> 2.2.6)
      multipart-post (~> 1.1.3)
      rack (>= 1.1.0, < 2)
    ffi (1.0.11-java)
    hashr (0.0.17)
    hot_bunnies (1.3.3-java)
    i18n (0.6.0)
    jruby-openssl (0.7.4)
      bouncy-castle-java
    json (1.5.4-java)
    metaclass (0.0.1)
    mocha (0.10.0)
      metaclass (~> 0.0.1)
    multi_json (1.0.3)
    multipart-post (1.1.3)
    net-scp (1.0.4)
      net-ssh (>= 1.99.1)
    net-ssh (2.1.4)
    net-ssh-shell (0.2.0)
      net-ssh (~> 2.1.0)
    rack (1.3.5)
    rake (0.9.2.2)
    rspec (2.7.0)
      rspec-core (~> 2.7.0)
      rspec-expectations (~> 2.7.0)
      rspec-mocks (~> 2.7.0)
    rspec-core (2.7.1)
    rspec-expectations (2.7.0)
      diff-lcs (~> 1.1.2)
    rspec-mocks (2.7.0)
    simple_states (0.1.0.pre1)
      activesupport
      hashr (~> 0.0.10)
    simplecov (0.5.4)
      multi_json (~> 1.0.3)
      simplecov-html (~> 0.5.3)
    simplecov-html (0.5.3)
    thor (0.14.6)
    vagrant (0.8.7)
      archive-tar-minitar (= 0.5.2)
      erubis (~> 2.7.0)
      i18n (~> 0.6.0)
      json (~> 1.5.1)
      net-scp (~> 1.0.4)
      net-ssh (~> 2.1.4)
      thor (~> 0.14.6)
      virtualbox (~> 0.9.1)
    virtualbox (0.9.2)
      ffi (~> 1.0.9)

PLATFORMS
  java

DEPENDENCIES
  faraday (~> 0.7.5)
  hashr (~> 0.0.17)
  hot_bunnies (~> 1.3.3)
  jruby-openssl (~> 0.7.4)
  json
  mocha
  multi_json (~> 1.0.3)
  net-ssh-shell (~> 0.2.0)
  rake (~> 0.9.2)
  rspec
  simple_states (~> 0.1.0.pre1)
  simplecov (>= 0.4.0)
  thor (~> 0.14.6)
  travis-build!
  vagrant (~> 0.8.0)
